GIT
  remote: http://github.com/i-dcc/allele-imaging.git
  revision: c44128900b2ffedee514404d29134566983a5031
  tag: v0.3.0
  specs:
    allele_image (0.3.0)
      bio
      rmagick

GEM
  remote: http://rubygems.org/
  specs:
    actionmailer (2.3.10)
      actionpack (= 2.3.10)
    actionpack (2.3.10)
      activesupport (= 2.3.10)
      rack (~> 1.1.0)
    activerecord (2.3.10)
      activesupport (= 2.3.10)
    activeresource (2.3.10)
      activesupport (= 2.3.10)
    activesupport (2.3.10)
    acts_as_audited (1.1.0)
      activerecord (>= 2.1)
    authlogic (2.1.6)
      activesupport
    bio (1.4.1)
    biomart (0.2.2)
      builder
    builder (2.1.2)
    crack (0.1.8)
    factory_girl (1.3.2)
    foreigner (0.9.1)
    hoptoad_notifier (2.4.5)
      activesupport
      builder
    httparty (0.6.1)
      crack (= 0.1.8)
    mysql (2.8.1)
    newrelic_rpm (2.13.4)
    parallel (0.5.1)
    rack (1.1.0)
    rails (2.3.10)
      actionmailer (= 2.3.10)
      actionpack (= 2.3.10)
      activerecord (= 2.3.10)
      activeresource (= 2.3.10)
      activesupport (= 2.3.10)
      rake (>= 0.8.3)
    rake (0.8.7)
    rmagick (2.13.1)
    rsolr (0.12.1)
      builder (>= 2.1.2)
    searchlogic (2.4.12)
      activerecord (>= 2.0.0)
    sequel (3.20.0)
    shoulda (2.11.3)
    sqlite3-ruby (1.2.5)
    test-unit (2.2.0)
    will_paginate (2.3.15)

PLATFORMS
  ruby

DEPENDENCIES
  acts_as_audited
  allele_image (= 0.3.0)!
  authlogic
  biomart
  factory_girl
  foreigner
  hoptoad_notifier
  httparty
  mysql
  newrelic_rpm
  parallel
  rails (= 2.3.10)
  rsolr
  searchlogic
  sequel
  shoulda (> 2.11.0)
  sqlite3-ruby
  test-unit
  will_paginate (~> 2.3.15)
