GIT
  remote: git://github.com/i-dcc/allele_image.git
  revision: 8b5a61e63d7574fec40793ce2c4231efc65e4d4d
  specs:
    allele_image (0.4.2)
      bio
      rmagick

GEM
  remote: http://rubygems.org/
  specs:
    actionmailer (2.3.12)
      actionpack (= 2.3.12)
    actionpack (2.3.12)
      activesupport (= 2.3.12)
      rack (~> 1.1.0)
    activerecord (2.3.12)
      activesupport (= 2.3.12)
    activeresource (2.3.12)
      activesupport (= 2.3.12)
    activesupport (2.3.12)
    acts_as_audited (1.1.1)
      activerecord (>= 2.1)
    annotate (2.4.0)
    authlogic (2.1.6)
      activesupport
    awesome_print (0.4.0)
    bio (1.4.3)
    biomart (0.2.2)
      builder
    builder (3.0.0)
    crack (0.1.8)
    factory_girl (1.3.3)
    foreigner (0.9.2)
    hoe (2.10.0)
      rake (~> 0.8)
    hoptoad_notifier (2.4.11)
      activesupport
      builder
    httparty (0.7.8)
      crack (= 0.1.8)
    mysql2 (0.2.7)
    open4 (0.9.6)
    parallel (0.5.5)
    rack (1.1.2)
    rails (2.3.12)
      actionmailer (= 2.3.12)
      actionpack (= 2.3.12)
      activerecord (= 2.3.12)
      activeresource (= 2.3.12)
      activesupport (= 2.3.12)
      rake (>= 0.8.3)
    rake (0.9.2)
    rake-remote_task (2.0.4)
      open4 (~> 0.9.0)
      rake (~> 0.8)
    rdoc (3.8)
    rmagick (2.13.1)
    rsolr (1.0.2)
      builder (>= 2.1.2)
    searchlogic (2.5.6)
      activerecord (~> 2.3.11)
      activerecord (~> 2.3.11)
    sequel (3.25.0)
    shoulda (2.11.3)
    simplecov (0.4.2)
      simplecov-html (~> 0.4.4)
    simplecov-html (0.4.5)
    simplecov-rcov (0.2.0)
    test-unit (2.2.0)
    vlad (2.2.1)
      open4 (~> 0.9.0)
      rake (~> 0.8)
      rake-remote_task (~> 2.0)
    vlad-git (2.2.0)
      vlad (>= 2.1.0)
    will_paginate (2.3.15)

PLATFORMS
  ruby

DEPENDENCIES
  acts_as_audited
  allele_image!
  annotate
  authlogic
  awesome_print
  biomart
  factory_girl
  foreigner
  hoe
  hoptoad_notifier
  httparty
  mysql2 (< 0.3)
  parallel
  rails (~> 2.3.12)
  rake
  rdoc
  rsolr
  searchlogic
  sequel
  shoulda (> 2.11.0)
  simplecov (>= 0.4.0)
  simplecov-rcov
  test-unit
  vlad
  vlad-git
  will_paginate (~> 2.3.15)
