GIT
  remote: http://github.com/i-dcc/allele-imaging.git
  revision: 07b2cd035dc706159b2c309272ceafd9c058dd1e
  tag: v0.3.5
  specs:
    allele_image (0.3.5)
      bio
      rmagick

GEM
  remote: http://rubygems.org/
  specs:
    actionmailer (2.3.11)
      actionpack (= 2.3.11)
    actionpack (2.3.11)
      activesupport (= 2.3.11)
      rack (~> 1.1.0)
    activerecord (2.3.11)
      activesupport (= 2.3.11)
    activeresource (2.3.11)
      activesupport (= 2.3.11)
    activesupport (2.3.11)
    acts_as_audited (1.1.0)
      activerecord (>= 2.1)
    authlogic (2.1.6)
      activesupport
    bio (1.4.1)
    biomart (0.2.2)
      builder
    builder (2.1.2)
    capistrano (2.5.20)
      highline
      highline
      net-scp (>= 1.0.0)
      net-scp
      net-sftp
      net-sftp (>= 2.0.0)
      net-ssh (>= 2.0.14)
      net-ssh
      net-ssh-gateway
      net-ssh-gateway (>= 1.0.0)
    capistrano-ext (1.2.1)
      capistrano (>= 1.0.0)
    crack (0.1.8)
    factory_girl (1.3.2)
    foreigner (0.9.1)
    highline (1.6.1)
    hoptoad_notifier (2.4.5)
      activesupport
      builder
    httparty (0.6.1)
      crack (= 0.1.8)
    mysql2 (0.2.6)
    net-scp (1.0.4)
      net-ssh (>= 1.99.1)
    net-sftp (2.0.5)
      net-ssh (>= 2.0.9)
    net-ssh (2.1.3)
    net-ssh-gateway (1.0.1)
      net-ssh (>= 1.99.1)
    newrelic_rpm (2.13.4)
    parallel (0.5.1)
    rack (1.1.2)
    rails (2.3.11)
      actionmailer (= 2.3.11)
      actionpack (= 2.3.11)
      activerecord (= 2.3.11)
      activeresource (= 2.3.11)
      activesupport (= 2.3.11)
      rake (>= 0.8.3)
    rake (0.8.7)
    rmagick (2.13.1)
    rsolr (0.12.1)
      builder (>= 2.1.2)
    searchlogic (2.4.12)
      activerecord (>= 2.0.0)
    sequel (3.20.0)
    shoulda (2.11.3)
    test-unit (2.2.0)
    will_paginate (2.3.15)

PLATFORMS
  ruby

DEPENDENCIES
  acts_as_audited
  allele_image (= 0.3.5)!
  authlogic
  biomart
  capistrano
  capistrano-ext
  factory_girl
  foreigner
  hoptoad_notifier
  httparty
  mysql2
  newrelic_rpm
  parallel
  rails (= 2.3.11)
  rsolr
  searchlogic
  sequel
  shoulda (> 2.11.0)
  test-unit
  will_paginate (~> 2.3.15)
