GIT
  remote: git@github.com:i-dcc/allele-imaging.git
  revision: 07b2cd035dc706159b2c309272ceafd9c058dd1e
  tag: v0.3.5
  specs:
    allele_image (0.3.5)
      bio
      rmagick

GEM
  remote: http://rubygems.org/
  specs:
    actionmailer (2.3.12)
      actionpack (= 2.3.12)
    actionpack (2.3.12)
      activesupport (= 2.3.12)
      rack (~> 1.1.0)
    activerecord (2.3.12)
      activesupport (= 2.3.12)
    activeresource (2.3.12)
      activesupport (= 2.3.12)
    activesupport (2.3.12)
    acts_as_audited (1.1.0)
      activerecord (>= 2.1)
    annotate (2.4.0)
    authlogic (2.1.6)
      activesupport
    awesome_print (0.4.0)
    bio (1.4.1)
    biomart (0.2.2)
      builder
    builder (2.1.2)
    crack (0.1.8)
    factory_girl (1.3.2)
    foreigner (0.9.1)
    hoe (2.9.6)
      rake (~> 0.8)
    hoptoad_notifier (2.4.5)
      activesupport
      builder
    httparty (0.6.1)
      crack (= 0.1.8)
    mysql2 (0.2.6)
    newrelic_rpm (2.13.4)
    open4 (1.0.1)
    parallel (0.5.1)
    rack (1.1.2)
    rails (2.3.12)
      actionmailer (= 2.3.12)
      actionpack (= 2.3.12)
      activerecord (= 2.3.12)
      activeresource (= 2.3.12)
      activesupport (= 2.3.12)
      rake (>= 0.8.3)
    rake (0.9.2)
    rdoc (3.7)
    rmagick (2.13.1)
    rsolr (0.12.1)
      builder (>= 2.1.2)
    searchlogic (2.5.6)
      activerecord (~> 2.3.11)
      activerecord (~> 2.3.11)
    sequel (3.20.0)
    shoulda (2.11.3)
    test-unit (2.2.0)
    vlad (1.4.0)
      open4
      rake (>= 0.8.1)
    vlad-git (2.1.0)
    will_paginate (2.3.15)

PLATFORMS
  ruby

DEPENDENCIES
  acts_as_audited
  allele_image (= 0.3.5)!
  annotate
  authlogic
  awesome_print
  biomart
  factory_girl
  foreigner
  hoe
  hoptoad_notifier
  httparty
  mysql2
  newrelic_rpm
  parallel
  rails (~> 2.3.12)
  rdoc
  rsolr
  searchlogic
  sequel
  shoulda (> 2.11.0)
  test-unit
  vlad
  vlad-git
  will_paginate (~> 2.3.15)
